GEM
  remote: http://rubygems.org/
  specs:
    ZenTest (4.5.0)
    activemodel (3.0.6)
      activesupport (= 3.0.6)
      builder (~> 2.1.2)
      i18n (~> 0.5.0)
    activerecord (3.0.6)
      activemodel (= 3.0.6)
      activesupport (= 3.0.6)
      arel (~> 2.0.2)
      tzinfo (~> 0.3.23)
    activesupport (3.0.6)
    arel (2.0.9)
    autotest (4.4.6)
      ZenTest (>= 4.4.1)
    backports (2.0.3)
    builder (2.1.2)
    configuration (1.2.0)
    daemons (1.1.2)
    diff-lcs (1.1.2)
    eventmachine (0.12.10)
    haml (3.0.25)
    heroku (1.19.1)
      activesupport (>= 2.1.0)
      launchy (~> 0.3.2)
      rest-client (< 1.7.0, >= 1.4.0)
    i18n (0.5.0)
    launchy (0.3.7)
      configuration (>= 0.0.5)
      rake (>= 0.8.1)
    mime-types (1.16)
    monkey-lib (0.5.4)
      backports
    rack (1.2.2)
    rack-test (0.5.7)
      rack (>= 1.0)
    rake (0.8.7)
    rest-client (1.6.1)
      mime-types (>= 1.16)
    rspec (2.5.0)
      rspec-core (~> 2.5.0)
      rspec-expectations (~> 2.5.0)
      rspec-mocks (~> 2.5.0)
    rspec-core (2.5.1)
    rspec-expectations (2.5.0)
      diff-lcs (~> 1.1.2)
    rspec-mocks (2.5.0)
    sinatra (1.2.1)
      rack (~> 1.1)
      tilt (< 2.0, >= 1.2.2)
    sinatra-advanced-routes (0.5.1)
      monkey-lib (~> 0.5.0)
      sinatra (~> 1.0)
      sinatra-sugar (~> 0.5.0)
    sinatra-reloader (0.5.0)
      sinatra (~> 1.0)
      sinatra-advanced-routes (~> 0.5.0)
    sinatra-sugar (0.5.0)
      monkey-lib (~> 0.5.0)
      sinatra (~> 1.0)
    thin (1.2.11)
      daemons (>= 1.0.9)
      eventmachine (>= 0.12.6)
      rack (>= 1.0.0)
    tilt (1.2.2)
    tzinfo (0.3.26)

PLATFORMS
  ruby

DEPENDENCIES
  ZenTest
  activerecord
  autotest
  haml
  heroku
  rack-test
  rspec
  sinatra
  sinatra-reloader
  thin
