GEM
  remote: http://rubygems.org/
  specs:
    ZenTest (4.5.0)
    activemodel (3.0.6)
      activesupport (= 3.0.6)
      builder (~> 2.1.2)
      i18n (~> 0.5.0)
    activerecord (3.0.6)
      activemodel (= 3.0.6)
      activesupport (= 3.0.6)
      arel (~> 2.0.2)
      tzinfo (~> 0.3.23)
    activesupport (3.0.6)
    arel (2.0.9)
    autotest (4.4.6)
      ZenTest (>= 4.4.1)
    backports (2.0.3)
    builder (2.1.2)
    capybara (0.4.1.2)
      celerity (>= 0.7.9)
      culerity (>= 0.2.4)
      mime-types (>= 1.16)
      nokogiri (>= 1.3.3)
      rack (>= 1.0.0)
      rack-test (>= 0.5.4)
      selenium-webdriver (>= 0.0.27)
      xpath (~> 0.1.3)
    celerity (0.8.9)
    childprocess (0.1.8)
      ffi (~> 1.0.6)
    configuration (1.2.0)
    culerity (0.2.15)
    daemons (1.1.2)
    diff-lcs (1.1.2)
    eventmachine (0.12.10)
    ffi (1.0.7)
      rake (>= 0.8.7)
    haml (3.0.25)
    heroku (1.19.1)
      activesupport (>= 2.1.0)
      launchy (~> 0.3.2)
      rest-client (< 1.7.0, >= 1.4.0)
    i18n (0.5.0)
    json_pure (1.5.1)
    launchy (0.3.7)
      configuration (>= 0.0.5)
      rake (>= 0.8.1)
    mime-types (1.16)
    monkey-lib (0.5.4)
      backports
    nokogiri (1.4.4)
    rack (1.2.2)
    rack-test (0.5.7)
      rack (>= 1.0)
    rake (0.8.7)
    rest-client (1.6.1)
      mime-types (>= 1.16)
    rspec (2.5.0)
      rspec-core (~> 2.5.0)
      rspec-expectations (~> 2.5.0)
      rspec-mocks (~> 2.5.0)
    rspec-core (2.5.1)
    rspec-expectations (2.5.0)
      diff-lcs (~> 1.1.2)
    rspec-mocks (2.5.0)
    rubyzip (0.9.4)
    selenium-webdriver (0.1.4)
      childprocess (>= 0.1.7)
      ffi (>= 1.0.7)
      json_pure
      rubyzip
    sinatra (1.2.1)
      rack (~> 1.1)
      tilt (< 2.0, >= 1.2.2)
    sinatra-activerecord (0.1.3)
      sinatra (>= 0.9.4)
    sinatra-advanced-routes (0.5.1)
      monkey-lib (~> 0.5.0)
      sinatra (~> 1.0)
      sinatra-sugar (~> 0.5.0)
    sinatra-reloader (0.5.0)
      sinatra (~> 1.0)
      sinatra-advanced-routes (~> 0.5.0)
    sinatra-sugar (0.5.0)
      monkey-lib (~> 0.5.0)
      sinatra (~> 1.0)
    sqlite3 (1.3.3)
    sqlite3-ruby (1.3.3)
      sqlite3 (>= 1.3.3)
    thin (1.2.11)
      daemons (>= 1.0.9)
      eventmachine (>= 0.12.6)
      rack (>= 1.0.0)
    tilt (1.2.2)
    tzinfo (0.3.26)
    xpath (0.1.3)
      nokogiri (~> 1.3)

PLATFORMS
  ruby

DEPENDENCIES
  ZenTest
  activerecord
  autotest
  capybara
  haml
  heroku
  rack-test
  rake
  rspec
  sinatra
  sinatra-activerecord
  sinatra-reloader
  sqlite3-ruby
  thin
